GEM
  remote: https://rubygems.org/
  specs:
    diff-lcs (1.2.5)
    ffi (0.6.4)
    rspec (3.1.0)
      rspec-core (~> 3.1.0)
      rspec-expectations (~> 3.1.0)
      rspec-mocks (~> 3.1.0)
    rspec-core (3.1.4)
      rspec-support (~> 3.1.0)
    rspec-expectations (3.1.1)
      diff-lcs (>= 1.2.0, < 2.0)
      rspec-support (~> 3.1.0)
    rspec-mocks (3.1.1)
      rspec-support (~> 3.1.0)
    rspec-support (3.1.0)
    ruby-cracklib (0.1.0)
      ffi (~> 0.6.3)

PLATFORMS
  ruby

DEPENDENCIES
  rspec
  ruby-cracklib
